GEM
  remote: https://rubygems.org/
  specs:
    cowsay (0.3.0)

PLATFORMS
  x64-mingw-ucrt

DEPENDENCIES
  cowsay (~> 0.3.0)

RUBY VERSION
   ruby 3.1.3p185

BUNDLED WITH
   2.4.10
